GEM
  remote: https://rubygems.org/
  specs:
    aasm (5.5.1)
      concurrent-ruby (~> 1.0)
    actioncable (7.2.2.2)
      actionpack (= 7.2.2.2)
      activesupport (= 7.2.2.2)
      nio4r (~> 2.0)
      websocket-driver (>= 0.6.1)
      zeitwerk (~> 2.6)
    actionmailbox (7.2.2.2)
      actionpack (= 7.2.2.2)
      activejob (= 7.2.2.2)
      activerecord (= 7.2.2.2)
      activestorage (= 7.2.2.2)
      activesupport (= 7.2.2.2)
      mail (>= 2.8.0)
    actionmailer (7.2.2.2)
      actionpack (= 7.2.2.2)
      actionview (= 7.2.2.2)
      activejob (= 7.2.2.2)
      activesupport (= 7.2.2.2)
      mail (>= 2.8.0)
      rails-dom-testing (~> 2.2)
    actionpack (7.2.2.2)
      actionview (= 7.2.2.2)
      activesupport (= 7.2.2.2)
      nokogiri (>= 1.8.5)
      racc
      rack (>= 2.2.4, < 3.2)
      rack-session (>= 1.0.1)
      rack-test (>= 0.6.3)
      rails-dom-testing (~> 2.2)
      rails-html-sanitizer (~> 1.6)
      useragent (~> 0.16)
    actiontext (7.2.2.2)
      actionpack (= 7.2.2.2)
      activerecord (= 7.2.2.2)
      activestorage (= 7.2.2.2)
      activesupport (= 7.2.2.2)
      globalid (>= 0.6.0)
      nokogiri (>= 1.8.5)
    actionview (7.2.2.2)
      activesupport (= 7.2.2.2)
      builder (~> 3.1)
      erubi (~> 1.11)
      rails-dom-testing (~> 2.2)
      rails-html-sanitizer (~> 1.6)
    active_link_to (1.0.5)
      actionpack
      addressable
    activeadmin (3.3.0)
      arbre (~> 1.2, >= 1.2.1)
      csv
      formtastic (>= 3.1)
      formtastic_i18n (>= 0.4)
      inherited_resources (~> 1.7)
      jquery-rails (>= 4.2)
      kaminari (>= 1.2.1)
      railties (>= 6.1)
      ransack (>= 4.0)
    activejob (7.2.2.2)
      activesupport (= 7.2.2.2)
      globalid (>= 0.3.6)
    activemodel (7.2.2.2)
      activesupport (= 7.2.2.2)
    activerecord (7.2.2.2)
      activemodel (= 7.2.2.2)
      activesupport (= 7.2.2.2)
      timeout (>= 0.4.0)
    activerecord-import (2.2.0)
      activerecord (>= 4.2)
    activerecord-postgis-adapter (10.0.1)
      activerecord (~> 7.2.0)
      rgeo-activerecord (~> 8.0.0)
    activestorage (7.2.2.2)
      actionpack (= 7.2.2.2)
      activejob (= 7.2.2.2)
      activerecord (= 7.2.2.2)
      activesupport (= 7.2.2.2)
      marcel (~> 1.0)
    activesupport (7.2.2.2)
      base64
      benchmark (>= 0.3)
      bigdecimal
      concurrent-ruby (~> 1.0, >= 1.3.1)
      connection_pool (>= 2.2.5)
      drb
      i18n (>= 1.6, < 2)
      logger (>= 1.4.2)
      minitest (>= 5.1)
      securerandom (>= 0.3)
      tzinfo (~> 2.0, >= 2.0.5)
    acts-as-taggable-on (12.0.0)
      activerecord (>= 7.1, < 8.1)
      zeitwerk (>= 2.4, < 3.0)
    addressable (2.8.7)
      public_suffix (>= 2.0.2, < 7.0)
    arbre (1.7.0)
      activesupport (>= 3.0.0)
      ruby2_keywords (>= 0.0.2)
    autoprefixer-rails (10.4.21.0)
      execjs (~> 2)
    aws-eventstream (1.4.0)
    aws-partitions (1.1157.0)
    aws-sdk-core (3.232.0)
      aws-eventstream (~> 1, >= 1.3.0)
      aws-partitions (~> 1, >= 1.992.0)
      aws-sigv4 (~> 1.9)
      base64
      bigdecimal
      jmespath (~> 1, >= 1.6.1)
      logger
    aws-sdk-kms (1.112.0)
      aws-sdk-core (~> 3, >= 3.231.0)
      aws-sigv4 (~> 1.5)
    aws-sdk-s3 (1.199.0)
      aws-sdk-core (~> 3, >= 3.231.0)
      aws-sdk-kms (~> 1)
      aws-sigv4 (~> 1.5)
    aws-sigv4 (1.12.1)
      aws-eventstream (~> 1, >= 1.0.2)
    base64 (0.3.0)
    bb-ruby (1.4.0)
    bcrypt (3.1.20)
    benchmark (0.4.1)
    bigdecimal (3.2.3)
    browser (6.2.0)
    builder (3.3.0)
    bullet (8.0.8)
      activesupport (>= 3.0.0)
      uniform_notifier (~> 1.11)
    capybara (3.40.0)
      addressable
      matrix
      mini_mime (>= 0.1.3)
      nokogiri (~> 1.11)
      rack (>= 1.6.0)
      rack-test (>= 0.6.3)
      regexp_parser (>= 1.5, < 3.0)
      xpath (~> 3.2)
    caxlsx (4.4.0)
      htmlentities (~> 4.3, >= 4.3.4)
      marcel (~> 1.0)
      nokogiri (~> 1.10, >= 1.10.4)
      rubyzip (>= 2.4, < 4)
    caxlsx_rails (0.6.4)
      actionpack (>= 3.1)
      caxlsx (>= 3.0)
    childprocess (5.1.0)
      logger (~> 1.5)
    cocoon (1.2.15)
    concurrent-ruby (1.3.5)
    connection_pool (2.5.4)
    content_disposition (1.0.0)
    crack (1.0.0)
      bigdecimal
      rexml
    crass (1.0.6)
    csv (3.3.5)
    database_cleaner (2.1.0)
      database_cleaner-active_record (>= 2, < 3)
    database_cleaner-active_record (2.2.1)
      activerecord (>= 5.a)
      database_cleaner-core (~> 2.0.0)
    database_cleaner-core (2.0.1)
    date (3.4.1)
    delayed_job (4.1.13)
      activesupport (>= 3.0, < 9.0)
    delayed_job_active_record (4.1.11)
      activerecord (>= 3.0, < 9.0)
      delayed_job (>= 3.0, < 5)
    delayed_job_web (1.4.4)
      activerecord (> 3.0.0)
      delayed_job (> 2.0.3)
      rack-protection (>= 1.5.5)
      sinatra (>= 1.4.4)
    devise (4.9.4)
      bcrypt (~> 3.0)
      orm_adapter (~> 0.1)
      railties (>= 4.1.0)
      responders
      warden (~> 1.2.3)
    devise-guests (0.8.3)
      devise
    devise_masquerade (2.1.4)
      devise (>= 4.7.0)
      globalid (>= 0.3.6)
      railties (>= 5.2.0)
    diff-lcs (1.6.2)
    domain_name (0.6.20240107)
    dotenv (3.1.8)
    dotenv-rails (3.1.8)
      dotenv (= 3.1.8)
      railties (>= 6.1)
    down (5.4.2)
      addressable (~> 2.8)
    drb (2.2.3)
    erb (5.0.2)
    erubi (1.13.1)
    erubis (2.7.0)
    excon (1.2.7)
      logger
    execjs (2.10.0)
    factory_bot (6.5.5)
      activesupport (>= 6.1.0)
    factory_bot_rails (6.5.1)
      factory_bot (~> 6.5)
      railties (>= 6.1.0)
    faker (3.5.2)
      i18n (>= 1.8.11, < 2)
    faraday (2.13.4)
      faraday-net_http (>= 2.0, < 3.5)
      json
      logger
    faraday-net_http (3.4.1)
      net-http (>= 0.5.0)
    ffi (1.17.2-arm64-darwin)
    ffi (1.17.2-x86_64-linux-gnu)
    ffi-compiler (1.3.2)
      ffi (>= 1.15.5)
      rake
    foreman (0.90.0)
      thor (~> 1.4)
    formtastic (5.0.0)
      actionpack (>= 6.0.0)
    formtastic_i18n (0.7.0)
    friendly_id (5.5.1)
      activerecord (>= 4.0.0)
    get_process_mem (1.0.0)
      bigdecimal (>= 2.0)
      ffi (~> 1.0)
    gibbon (3.5.0)
      faraday (>= 1.0)
      multi_json (>= 1.11.0)
    globalid (1.2.1)
      activesupport (>= 6.1)
    has_scope (0.8.2)
      actionpack (>= 5.2)
      activesupport (>= 5.2)
    hashdiff (1.2.0)
    heroics (0.1.3)
      base64
      erubis (~> 2.0)
      excon
      moneta
      multi_json (>= 1.9.2)
      webrick
    htmlentities (4.3.4)
    http (5.3.1)
      addressable (~> 2.8)
      http-cookie (~> 1.0)
      http-form_data (~> 2.2)
      llhttp-ffi (~> 0.5.0)
    http-cookie (1.0.8)
      domain_name (~> 0.5)
    http-form_data (2.3.0)
    i18n (1.14.7)
      concurrent-ruby (~> 1.0)
    image_processing (1.14.0)
      mini_magick (>= 4.9.5, < 6)
      ruby-vips (>= 2.0.17, < 3)
    inherited_resources (1.14.0)
      actionpack (>= 6.0)
      has_scope (>= 0.6)
      railties (>= 6.0)
      responders (>= 2)
    io-console (0.8.1)
    irb (1.15.2)
      pp (>= 0.6.0)
      rdoc (>= 4.0.0)
      reline (>= 0.4.2)
    jbuilder (2.14.1)
      actionview (>= 7.0.0)
      activesupport (>= 7.0.0)
    jmespath (1.6.2)
    jquery-rails (4.6.0)
      rails-dom-testing (>= 1, < 3)
      railties (>= 4.2.0)
      thor (>= 0.14, < 2.0)
    jquery-ui-rails (8.0.0)
      railties (>= 3.2.16)
    json (2.13.2)
    kaminari (1.2.2)
      activesupport (>= 4.1.0)
      kaminari-actionview (= 1.2.2)
      kaminari-activerecord (= 1.2.2)
      kaminari-core (= 1.2.2)
    kaminari-actionview (1.2.2)
      actionview
      kaminari-core (= 1.2.2)
    kaminari-activerecord (1.2.2)
      activerecord
      kaminari-core (= 1.2.2)
    kaminari-core (1.2.2)
    launchy (3.1.1)
      addressable (~> 2.8)
      childprocess (~> 5.0)
      logger (~> 1.6)
    letter_opener (1.10.0)
      launchy (>= 2.2, < 4)
    listen (3.9.0)
      rb-fsevent (~> 0.10, >= 0.10.3)
      rb-inotify (~> 0.9, >= 0.9.10)
    llhttp-ffi (0.5.1)
      ffi-compiler (~> 1.0)
      rake (~> 13.0)
    logger (1.7.0)
    loofah (2.24.1)
      crass (~> 1.0.2)
      nokogiri (>= 1.12.0)
    mail (2.8.1)
      mini_mime (>= 0.1.1)
      net-imap
      net-pop
      net-smtp
    marcel (1.0.4)
    matrix (0.4.3)
    mini_magick (5.3.0)
      logger
    mini_mime (1.1.5)
    minitest (5.25.5)
    moneta (1.0.0)
    multi_json (1.17.0)
    mustermann (3.0.3)
      ruby2_keywords (~> 0.0.1)
    net-http (0.6.0)
      uri
    net-imap (0.5.9)
      date
      net-protocol
    net-pop (0.1.2)
      net-protocol
    net-protocol (0.2.2)
      timeout
    net-smtp (0.5.1)
      net-protocol
    nio4r (2.7.4)
    nokogiri (1.18.9-arm64-darwin)
      racc (~> 1.4)
    nokogiri (1.18.9-x86_64-linux-gnu)
      racc (~> 1.4)
    oj (3.16.11)
      bigdecimal (>= 3.0)
      ostruct (>= 0.2)
    orm_adapter (0.5.0)
    ostruct (0.6.2)
    pdf-core (0.10.0)
    pg (1.5.9)
    platform-api (3.8.0)
      heroics (~> 0.1.1)
      moneta (~> 1.0.0)
      rate_throttle_client (~> 0.1.0)
    pp (0.6.2)
      prettyprint
    prawn (2.5.0)
      matrix (~> 0.4)
      pdf-core (~> 0.10.0)
      ttfunk (~> 1.8)
    prawn-table (0.2.2)
      prawn (>= 1.3.0, < 3.0.0)
    prettyprint (0.2.0)
    psych (5.2.6)
      date
      stringio
    public_suffix (6.0.2)
    puma (6.6.1)
      nio4r (~> 2.0)
    puma_worker_killer (1.0.0)
      bigdecimal (>= 2.0)
      get_process_mem (>= 0.2)
      puma (>= 2.7)
    rabl (0.17.0)
      activesupport (>= 2.3.14)
    racc (1.8.1)
    rack (3.1.16)
    rack-attack (6.7.0)
      rack (>= 1.0, < 4)
    rack-cors (2.0.2)
      rack (>= 2.0.0)
    rack-protection (4.1.1)
      base64 (>= 0.1.0)
      logger (>= 1.6.0)
      rack (>= 3.0.0, < 4)
    rack-rewrite (1.5.1)
    rack-session (2.1.1)
      base64 (>= 0.1.0)
      rack (>= 3.0.0)
    rack-test (2.2.0)
      rack (>= 1.3)
    rackup (2.2.1)
      rack (>= 3)
    rails (7.2.2.2)
      actioncable (= 7.2.2.2)
      actionmailbox (= 7.2.2.2)
      actionmailer (= 7.2.2.2)
      actionpack (= 7.2.2.2)
      actiontext (= 7.2.2.2)
      actionview (= 7.2.2.2)
      activejob (= 7.2.2.2)
      activemodel (= 7.2.2.2)
      activerecord (= 7.2.2.2)
      activestorage (= 7.2.2.2)
      activesupport (= 7.2.2.2)
      bundler (>= 1.15.0)
      railties (= 7.2.2.2)
    rails-controller-testing (1.0.5)
      actionpack (>= 5.0.1.rc1)
      actionview (>= 5.0.1.rc1)
      activesupport (>= 5.0.1.rc1)
    rails-dom-testing (2.3.0)
      activesupport (>= 5.0.0)
      minitest
      nokogiri (>= 1.6)
    rails-html-sanitizer (1.6.2)
      loofah (~> 2.21)
      nokogiri (>= 1.15.7, != 1.16.7, != 1.16.6, != 1.16.5, != 1.16.4, != 1.16.3, != 1.16.2, != 1.16.1, != 1.16.0.rc1, != 1.16.0)
    railties (7.2.2.2)
      actionpack (= 7.2.2.2)
      activesupport (= 7.2.2.2)
      irb (~> 1.13)
      rackup (>= 1.0.0)
      rake (>= 12.2)
      thor (~> 1.0, >= 1.2.2)
      zeitwerk (~> 2.6)
    rake (13.3.0)
    ransack (4.3.0)
      activerecord (>= 6.1.5)
      activesupport (>= 6.1.5)
      i18n
    rate_throttle_client (0.1.2)
    rb-fsevent (0.11.2)
    rb-inotify (0.11.1)
      ffi (~> 1.0)
    rdoc (6.14.2)
      erb
      psych (>= 4.0.0)
    redis (5.4.1)
      redis-client (>= 0.22.0)
    redis-client (0.25.2)
      connection_pool
    regexp_parser (2.10.0)
    reline (0.6.2)
      io-console (~> 0.5)
    remotipart (1.4.4)
    responders (3.1.1)
      actionpack (>= 5.2)
      railties (>= 5.2)
    rexml (3.4.1)
    rgeo (3.0.1)
    rgeo-activerecord (8.0.0)
      activerecord (>= 7.0)
      rgeo (>= 3.0)
    rgeo-geojson (2.2.0)
      multi_json (~> 1.15)
      rgeo (>= 1.0.0)
    rspec-core (3.13.5)
      rspec-support (~> 3.13.0)
    rspec-expectations (3.13.5)
      diff-lcs (>= 1.2.0, < 2.0)
      rspec-support (~> 3.13.0)
    rspec-mocks (3.13.5)
      diff-lcs (>= 1.2.0, < 2.0)
      rspec-support (~> 3.13.0)
    rspec-rails (7.1.1)
      actionpack (>= 7.0)
      activesupport (>= 7.0)
      railties (>= 7.0)
      rspec-core (~> 3.13)
      rspec-expectations (~> 3.13)
      rspec-mocks (~> 3.13)
      rspec-support (~> 3.13)
    rspec-support (3.13.4)
    ruby-vips (2.2.4)
      ffi (~> 1.12)
      logger
    ruby2_keywords (0.0.5)
    rubyzip (2.4.1)
    sassc (2.4.0)
      ffi (~> 1.9)
    sassc-rails (2.1.2)
      railties (>= 4.0.0)
      sassc (>= 2.0)
      sprockets (> 3.0)
      sprockets-rails
      tilt
    securerandom (0.4.1)
    sentry-delayed_job (5.27.0)
      delayed_job (>= 4.0)
      sentry-ruby (~> 5.27.0)
    sentry-rails (5.27.0)
      railties (>= 5.0)
      sentry-ruby (~> 5.27.0)
    sentry-ruby (5.27.0)
      bigdecimal
      concurrent-ruby (~> 1.0, >= 1.0.2)
    shrine (3.6.0)
      content_disposition (~> 1.0)
      down (~> 5.1)
    sinatra (4.1.1)
      logger (>= 1.6.0)
      mustermann (~> 3.0)
      rack (>= 3.0.0, < 4)
      rack-protection (= 4.1.1)
      rack-session (>= 2.0.0, < 3)
      tilt (~> 2.0)
    sitemap_generator (6.3.0)
      builder (~> 3.0)
    skylight (6.0.4)
      activesupport (>= 5.2.0)
    sprockets (4.2.2)
      concurrent-ruby (~> 1.0)
      logger
      rack (>= 2.2.4, < 4)
    sprockets-rails (3.5.2)
      actionpack (>= 6.1)
      activesupport (>= 6.1)
      sprockets (>= 3.0.0)
    stringio (3.1.7)
    stripe (15.5.0)
    terser (1.2.6)
      execjs (>= 0.3.0, < 3)
    thor (1.4.0)
    tilt (2.6.1)
    timeout (0.4.3)
    ttfunk (1.8.0)
      bigdecimal (~> 3.1)
    tzinfo (2.0.6)
      concurrent-ruby (~> 1.0)
    underscore-rails (1.8.3)
    uniform_notifier (1.17.0)
    uri (1.0.3)
    useragent (0.16.11)
    warden (1.2.9)
      rack (>= 2.0.9)
    webmock (3.25.1)
      addressable (>= 2.8.0)
      crack (>= 0.3.2)
      hashdiff (>= 0.4.0, < 2.0.0)
    webrick (1.9.1)
    websocket-driver (0.8.0)
      base64
      websocket-extensions (>= 0.1.0)
    websocket-extensions (0.1.5)
    xpath (3.2.0)
      nokogiri (~> 1.8)
    zeitwerk (2.7.3)

PLATFORMS
  arm64-darwin-23
  x86_64-linux

DEPENDENCIES
  aasm
  active_link_to
  activeadmin (~> 3.3.0)
  activerecord-import
  activerecord-postgis-adapter (~> 10.0)
  acts-as-taggable-on
  autoprefixer-rails
  aws-sdk-s3 (~> 1)
  bb-ruby
  browser
  bullet
  capybara
  caxlsx
  caxlsx_rails
  cocoon
  database_cleaner
  delayed_job_active_record
  delayed_job_web
  devise
  devise-guests
  devise_masquerade
  dotenv-rails
  factory_bot_rails
  faker
  foreman
  friendly_id
  gibbon (~> 3.0, >= 3.0.2)
  http
  image_processing (~> 1.14)
  jbuilder
  jquery-rails
  jquery-ui-rails
  kaminari
  letter_opener
  listen
  marcel
  oj
  pg
  platform-api
  prawn
  prawn-table
  puma
  puma_worker_killer (~> 1.0)
  rabl
  rack-attack
  rack-cors (~> 2.0)
  rack-rewrite
  rails (~> 7.2.0)
  rails-controller-testing
  redis (~> 5.0)
  remotipart
  rgeo
  rgeo-geojson
  rspec-rails (< 8.0)
  sassc-rails
  sentry-delayed_job
  sentry-rails
  sentry-ruby
  shrine (~> 3.6)
  sitemap_generator
  skylight
  stripe (~> 15.2)
  terser
  tzinfo-data
  underscore-rails
  webmock

RUBY VERSION
   ruby 3.3.9p170

BUNDLED WITH
   2.7.1
